GEM
  remote: http://rubygems.org/
  specs:
    diff-lcs (1.2.5)
    excel_to_code (0.2.19)
      ffi (>= 1.0.11)
      nokogiri (>= 1.5.0)
      ox (>= 2.0.12)
      rspec (>= 2.7.0)
      rubypeg
    ffi (1.9.3)
    mini_portile (0.5.2)
    minitest (5.2.3)
    nokogiri (1.6.1)
      mini_portile (~> 0.5.0)
    ox (2.1.1)
    rake (10.1.1)
    rspec (2.14.1)
      rspec-core (~> 2.14.0)
      rspec-expectations (~> 2.14.0)
      rspec-mocks (~> 2.14.0)
    rspec-core (2.14.7)
    rspec-expectations (2.14.5)
      diff-lcs (>= 1.1.3, < 2.0)
    rspec-mocks (2.14.6)
    rubypeg (0.0.4)
      rubyscriptwriter
    rubyscriptwriter (0.0.2)

PLATFORMS
  ruby

DEPENDENCIES
  excel_to_code (= 0.2.19)
  ffi
  minitest
  rake
