GEM
  remote: http://rubygems.org/
  specs:
    diff-lcs (1.2.5)
    excel_to_code (0.2.25)
      ffi (~> 1.0, >= 1.0.11)
      nokogiri (~> 1.5, >= 1.5.0)
      ox (~> 2.0, >= 2.0.12)
      rspec (~> 2.7, >= 2.7.0)
      rubypeg (~> 0)
    ffi (1.9.3)
    mini_portile (0.6.0)
    minitest (5.2.3)
    nokogiri (1.6.2.1)
      mini_portile (= 0.6.0)
    ox (2.1.1)
    rake (10.1.1)
    rspec (2.99.0)
      rspec-core (~> 2.99.0)
      rspec-expectations (~> 2.99.0)
      rspec-mocks (~> 2.99.0)
    rspec-core (2.99.0)
    rspec-expectations (2.99.0)
      diff-lcs (>= 1.1.3, < 2.0)
    rspec-mocks (2.99.0)
    rubypeg (0.0.4)
      rubyscriptwriter
    rubyscriptwriter (0.0.2)

PLATFORMS
  ruby

DEPENDENCIES
  excel_to_code (= 0.2.25)
  ffi
  minitest
  rake
